GEM
  remote: http://rubygems.org/
  specs:
    chunky_png (1.3.4)
    indico (0.5.2)
      inifile (~> 3.0.0)
      oily_png (~> 1.2.0)
    inifile (3.0.0)
    json (1.8.3)
    oauth (0.4.7)
    oily_png (1.2.0)
      chunky_png (~> 1.3.1)
    rack (1.6.4)
    rack-protection (1.5.3)
      rack
    sinatra (1.4.6)
      rack (~> 1.4)
      rack-protection (~> 1.4)
      tilt (>= 1.3, < 3)
    tilt (2.0.1)

PLATFORMS
  ruby

DEPENDENCIES
  indico
  json
  oauth
  sinatra

BUNDLED WITH
   1.10.6
